GEM
  remote: https://rubygems.org/
  specs:
    addressable (2.3.5)
    css_parser (1.3.5)
      addressable
    ffi (1.9.3)
    inline-style (0.5.1)
      css_parser
      maca-fork-csspool
      nokogiri
    maca-fork-csspool (2.0.2)
      ffi
    mini_portile (0.5.2)
    nokogiri (1.6.1)
      mini_portile (~> 0.5.0)

PLATFORMS
  ruby

DEPENDENCIES
  inline-style
  nokogiri
